PATH
  remote: .
  specs:
    receptive (0.2.0)
      opal (~> 1.0)
      opal-jquery (~> 0.4.2)

GEM
  remote: https://rubygems.org/
  specs:
    ast (2.4.2)
    minitest (5.11.3)
    opal (1.8.2)
      ast (>= 2.3.0)
      parser (~> 3.0, >= 3.0.3.2)
    opal-jquery (0.4.6)
      opal (>= 0.10.0, < 2.0)
    opal-minitest (0.0.5)
      opal (>= 0.8)
      rake (~> 10)
    parser (3.3.0.4)
      ast (~> 2.4.1)
      racc
    racc (1.7.3)
    rake (10.5.0)

PLATFORMS
  ruby

DEPENDENCIES
  bundler
  minitest (~> 5.0)
  opal-minitest (= 0.0.5)
  rake
  receptive!

BUNDLED WITH
   2.5.4
